PATH
  remote: .
  specs:
    selectAction (0.1.2)

GEM
  remote: https://rubygems.org/
  specs:
    rake (10.5.0)

PLATFORMS
  x86-mingw32

DEPENDENCIES
  bundler (~> 1.16)
  rake (~> 10.0)
  selectAction!

BUNDLED WITH
   1.16.1
